##TITLE= Parameter file, TopSpin 3.5 pl 6
##JCAMPDX= 5.0
##DATATYPE= Parameter Values
##NPOINTS= 12009	$$ modification sequence number
##ORIGIN= Bruker BioSpin GmbH
##OWNER= nmrsu
$$ 2017-11-29 12:12:29.381 +0100  nmrsu@CZC7097TW4
$$ /opt/topspin3.5pl6/conf/instr/spect/specpar
$$ process /opt/topspin3.5pl6/prog/mod/hconfserver
##$ANCIEN= (0..7)
0 0 0 0 0 0 0 0
##$BF1= 100.13
##$BF2= 100.13
##$BF3= 100.13
##$DEC= 1
##$DECB= 1
##$DEF19F= yes
##$DEFRSEL= yes
##$HPMOD= (0..7)
0 0 0 0 0 0 0 0
##$HPPRECH= (0..15)
-1 0 1 -1 -1 -1 -1 -1 -1 -1 -1 -1 -1 -1 -1 -1
##$HPSELECT= no
##$LOCSW19F= -1
##$LOCSW2H= -1
##$NUC1= 50
##$NUC2= 0
##$NUC3= 0
##$NUC4= 0
##$NUC5= 0
##$NUC6= 0
##$NUC7= 0
##$NUC8= 0
##$NUCARR= (0..123)
400.27000025 400.27000025 61.443882122 426.943888996 304.921587426 58.904077469
155.56012035 56.24519193 43.003639904 128.42252281 100.647971617 28.924779075
40.559006888 54.262430469 376.630098065 31.598498619 105.879020196 24.503068431
104.297789585 79.522389455 162.032266104 30.724725219 39.218090379 32.644920479
18.678091219 10.252135531 26.938287096 97.232575778 22.565357355 22.571373415
39.90815586 105.282810026 22.625245754 99.223802951 12.959854009 94.972359159
35.76833136 106.133483844 113.691462042 25.044105384 96.070219715 122.069157177
13.96267846 68.5366871 76.337545133 20.884975862 100.283565809 108.098989666
15.40078853 38.64584037 130.970161307 17.34698933 19.614022547 37.210292028
97.97076572 26.085299717 26.632744994 90.094076537 18.43303792 20.65941171
12.754391416 18.316755481 16.202205121 18.626696551 84.919201849 88.832621629
87.522057594 87.709680154 130.963336705 142.625243189 149.263212799 95.786920618
51.871857919 104.749626369 126.284260456 80.083964263 111.315831572 32.997942608
52.499981616 39.76465106 44.481716934 52.812824643 56.540703266 122.562674077
21.814715014 13.449072008 16.69125901 13.769288009 99.507122062 43.949646027
12.288289008 16.13088101 96.22490806 13.769288009 19.293014012 85.417618053
11.527776007 33.182383021 70.04447217 19.297016712 45.646790828 32.54595372
16.03881891 10.074795906 47.99077195 16.676797256 90.159216476 91.067829377
9.1354863 31.082566599 6.876638604 7.489051705 86.04517737 6.920668304
71.691647264 26.464183291 228.647032783 230.891098507 83.73888167 64.320539118
7.370571785 14.529801009 100 100
##$NUCOFFS= (0..127)
<19F> <6Li> <13C> <1H> <2H> <239Pu> <15N> <79Br> <31P> <23Na> <27Al> <17O>
<119Sn> <139La> <81Br> <87Rb> <> <> <> <> <> <> <> <> <> <> <> <> <> <>
<> <> <> <> <> <> <> <> <> <> <> <> <> <> <> <> <> <> <> <> <> <> <> <>
<> <> <> <> <> <> <> <> <> <> <> <> <> <> <> <> <> <> <> <> <> <> <> <>
<> <> <> <> <> <> <> <> <> <> <> <> <> <> <> <> <> <> <> <> <> <> <> <>
<> <> <> <> <> <> <> <> <> <> <> <> <> <> <> <> <> <> <> <> <> <> <> <>
<> <>
##$OBS= 1
##$OFFS= (0..127)
0 0 0 0 0 0 0 0 0 0 0 0 0 0 0 0 0 0 0 0 0 0 0 0 0 0 0 0 0 0 0 0 0 0 0 0
0 0 0 0 0 0 0 0 0 0 0 0 0 0 0 0 0 0 0 0 0 0 0 0 0 0 0 0 0 0 0 0 0 0 0 0
0 0 0 0 0 0 0 0 0 0 0 0 0 0 0 0 0 0 0 0 0 0 0 0 0 0 0 0 0 0 0 0 0 0 0 0
0 0 0 0 0 0 0 0 0 0 0 0 0 0 0 0 0 0 0 0
##$OFFSF= (0..7)
0 0 0 0 0 0 0 0
##$OFFSH= (0..7)
0 0 0 0 0 0 0 0
##$OFFSX= (0..7)
0 0 0 0 0 0 0 0
##$OFFSXAS= (0..7)
0 0 0 0 0 0 0 0
##$OFSF1= 0
##$OFSF2= 0
##$OFSH1= 0
##$OFSH2= 0
##$OFSH3= 0
##$OFSX1= 0
##$OFSX2= 0
##$OFSY= 0
##$PACOIL= (0..15)
0 0 0 0 0 0 0 0 0 0 0 0 0 0 0 0
##$PRECHAN= (0..15)
-1 -1 -1 -1 -1 -1 -1 -1 -1 -1 -1 -1 -1 -1 -1 -1
##$RECPRE= (0..15)
-1 0 -1 -1 -1 -1 -1 -1 -1 -1 -1 -1 -1 -1 -1 -1
##$RECPRFX= (0..15)
1 0 0 0 0 0 0 0 0 0 0 0 0 0 0 0
##$RECSEL= (0..15)
0 0 1 0 0 0 0 0 0 0 0 0 0 0 0 0
##$SELREC= (0..9)
0 0 0 0 0 0 0 0 0 0
##$SFO1= 130.970161
##$SFO2= 400.27
##$SFO3= 400.262472
##$SFO4= 400.262472
##$SFO5= 400.262472
##$SFO6= 400.262472
##$SFO7= 400.262472
##$SFO8= 400.262472
##$TY= (0..123)
0 0 0 0 0 0 0 0 0 0 0 0 0 0 0 0 0 0 0 0 0 0 0 0 0 0 0 0 0 0 0 0 0 0 0 0
0 0 0 0 0 0 0 0 0 0 0 0 0 0 0 0 0 0 0 0 0 0 0 0 0 0 0 0 0 0 0 0 0 0 0 0
0 0 0 0 0 0 0 0 0 0 0 0 0 0 0 0 0 0 0 0 0 0 0 0 0 0 0 0 0 0 0 0 0 0 0 0
0 0 0 0 0 0 0 0 0 0 0 0 0 0 0 0
##END=
